GEM
  remote: https://rubygems.org/
  specs:
    coderay (1.1.3)
    diff-lcs (1.5.0)
    io-wait (0.2.1)
    json (2.6.1)
    method_source (1.0.0)
    net-http (0.2.0)
      net-protocol
      uri
    net-protocol (0.1.2)
      io-wait
      timeout
    pry (0.14.1)
      coderay (~> 1.1)
      method_source (~> 1.0)
    rspec (3.11.0)
      rspec-core (~> 3.11.0)
      rspec-expectations (~> 3.11.0)
      rspec-mocks (~> 3.11.0)
    rspec-core (3.11.0)
      rspec-support (~> 3.11.0)
    rspec-expectations (3.11.0)
      diff-lcs (>= 1.2.0, < 2.0)
      rspec-support (~> 3.11.0)
    rspec-mocks (3.11.1)
      diff-lcs (>= 1.2.0, < 2.0)
      rspec-support (~> 3.11.0)
    rspec-support (3.11.0)
    timeout (0.2.0)
    titleize (1.4.1)
    uri (0.11.0)
    word_wrap (1.0.0)

PLATFORMS
  x86_64-darwin-19

DEPENDENCIES
  json
  net-http
  pry
  rspec
  titleize (~> 1.4, >= 1.4.1)
  word_wrap (~> 1.0)

BUNDLED WITH
   2.3.13
